PATH
  remote: .
  specs:
    sidekiq-recursive (0.3.0)
      sidekiq (>= 3.0, < 8.0)

GEM
  remote: https://rubygems.org/
  specs:
    base64 (0.2.0)
    coderay (1.1.3)
    connection_pool (2.4.1)
    diff-lcs (1.5.1)
    fakeredis (0.9.2)
      redis (~> 4.8)
    method_source (1.1.0)
    pry (0.14.2)
      coderay (~> 1.1)
      method_source (~> 1.0)
    rack (3.0.11)
    rack-protection (4.0.0)
      base64 (>= 0.1.0)
      rack (>= 3.0.0, < 4)
    redis (4.8.1)
    rspec (3.13.0)
      rspec-core (~> 3.13.0)
      rspec-expectations (~> 3.13.0)
      rspec-mocks (~> 3.13.0)
    rspec-core (3.13.0)
      rspec-support (~> 3.13.0)
    rspec-expectations (3.13.0)
      diff-lcs (>= 1.2.0, < 2.0)
      rspec-support (~> 3.13.0)
    rspec-mocks (3.13.1)
      diff-lcs (>= 1.2.0, < 2.0)
      rspec-support (~> 3.13.0)
    rspec-support (3.13.1)
    sidekiq (6.0.4)
      connection_pool (>= 2.2.2)
      rack (>= 2.0.0)
      rack-protection (>= 2.0.0)
      redis (>= 4.1.0)

PLATFORMS
  arm64-darwin-23
  ruby

DEPENDENCIES
  fakeredis (~> 0.9.0)
  pry (~> 0.14)
  rspec (~> 3.13)
  sidekiq (~> 6.0)
  sidekiq-recursive!

BUNDLED WITH
   2.5.10
